PATH
  remote: .
  specs:
    binlog_events (0.1.0)
      rutie

GEM
  remote: https://rubygems.org/
  specs:
    diff-lcs (1.5.0)
    rake (13.0.6)
    rspec (3.11.0)
      rspec-core (~> 3.11.0)
      rspec-expectations (~> 3.11.0)
      rspec-mocks (~> 3.11.0)
    rspec-core (3.11.0)
      rspec-support (~> 3.11.0)
    rspec-expectations (3.11.1)
      diff-lcs (>= 1.2.0, < 2.0)
      rspec-support (~> 3.11.0)
    rspec-mocks (3.11.1)
      diff-lcs (>= 1.2.0, < 2.0)
      rspec-support (~> 3.11.0)
    rspec-support (3.11.1)
    rutie (0.0.4)

PLATFORMS
  x86_64-darwin-19

DEPENDENCIES
  binlog_events!
  rake (~> 13.0)
  rspec (~> 3.0)

BUNDLED WITH
   2.3.19
